GEM
  remote: http://rubygems.org/
  specs:
    activesupport (3.0.3)
    git (1.2.5)
    rack (1.2.1)
    sinatra (1.1.0)
      rack (~> 1.1)
      tilt (~> 1.1)
    sinatra_more (0.3.40)
      activesupport (>= 2.2.2)
      bundler (>= 0.9.2)
      sinatra (>= 0.9.2)
      thor (>= 0.11.8)
      tilt (>= 0.2)
    thor (0.14.6)
    tilt (1.1)

PLATFORMS
  ruby

DEPENDENCIES
  git
  sinatra (= 1.1.0)
  sinatra_more
